GIT
  remote: git://github.com/cloudfoundry/cf.git
  revision: e574b781732e2cad3d186e3d46fe60991ff81697
  specs:
    cf (0.5.1.rc4)
      cfoundry (>= 0.5.3.rc5, < 0.6)
      clouseau (~> 0.0)
      interact (~> 0.5)
      json_pure (~> 1.6)
      mothership (>= 0.5.1, < 1.0)
      multi_json (~> 1.3)

GIT
  remote: git://github.com/cloudfoundry/cfoundry.git
  revision: f51b77676a2a7f4d4893c959b0a869238b05fd02
  submodules: true
  specs:
    cfoundry (0.6.0.rc2)
      cf-uaa-lib (~> 1.3.10)
      multi_json (~> 1.3)
      multipart-post (~> 1.1)
      rubyzip (~> 0.9)

PATH
  remote: .
  specs:
    tunnel-cf-plugin (0.3.0.rc1)
      addressable (~> 2.2)
      caldecott-client (~> 0.0.2)
      cfoundry (>= 0.6.0.rc2, < 0.7)
      rest-client (~> 1.6)
      uuidtools (~> 2.1)

GEM
  remote: http://rubygems.org/
  specs:
    addressable (2.3.3)
    caldecott-client (0.0.2)
      multi_json (~> 1.3)
    cf-uaa-lib (1.3.10)
      multi_json
    clouseau (0.0.2)
      rubyzip (~> 0.9.9)
    crack (0.3.2)
    diff-lcs (1.2.1)
    fakefs (0.4.2)
    interact (0.5.2)
    json_pure (1.7.7)
    mime-types (1.21)
    mothership (0.5.1)
    multi_json (1.7.1)
    multipart-post (1.2.0)
    rake (10.0.3)
    rest-client (1.6.7)
      mime-types (>= 1.16)
    rr (1.0.4)
    rspec (2.13.0)
      rspec-core (~> 2.13.0)
      rspec-expectations (~> 2.13.0)
      rspec-mocks (~> 2.13.0)
    rspec-core (2.13.1)
    rspec-expectations (2.13.0)
      diff-lcs (>= 1.1.3, < 2.0)
    rspec-mocks (2.13.0)
    rubyzip (0.9.9)
    uuidtools (2.1.3)
    webmock (1.10.1)
      addressable (>= 2.2.7)
      crack (>= 0.3.2)

PLATFORMS
  ruby

DEPENDENCIES
  cf!
  cfoundry!
  fakefs (~> 0.4.2)
  rake
  rr (~> 1.0)
  rspec (~> 2.11)
  tunnel-cf-plugin!
  webmock (~> 1.9)
